GEM
  remote: http://rubygems.org/
  specs:
    diff-lcs (1.2.4)
    mini_magick (3.6.0)
      subexec (~> 0.2.1)
    rspec (2.13.0)
      rspec-core (~> 2.13.0)
      rspec-expectations (~> 2.13.0)
      rspec-mocks (~> 2.13.0)
    rspec-core (2.13.1)
    rspec-expectations (2.13.0)
      diff-lcs (>= 1.1.3, < 2.0)
    rspec-mocks (2.13.1)
    subexec (0.2.3)

PLATFORMS
  ruby

DEPENDENCIES
  mini_magick (~> 3.6.0)
  rspec
